GEM
  remote: https://rubygems.org/
  specs:
    concurrent-ruby (1.1.10)
    faker (2.23.0)
      i18n (>= 1.8.11, < 2)
    highline (2.0.3)
    i18n (1.12.0)
      concurrent-ruby (~> 1.0)
    logger (1.5.1)

PLATFORMS
  x64-mingw32

DEPENDENCIES
  faker (~> 2.23)
  highline (~> 2.0)
  logger (~> 1.5)

BUNDLED WITH
   2.2.16
